GEM
  remote: https://rubygems.org/
  specs:
    gemnasium (2.0.1)
    rake (10.1.0)

PLATFORMS
  ruby

DEPENDENCIES
  bundler
  gemnasium
  rake
